GEM
  remote: https://rubygems.org/
  specs:
    pg (1.2.3)

PLATFORMS
  x86_64-darwin-19

DEPENDENCIES
  pg

RUBY VERSION
   ruby 3.0.0p0

BUNDLED WITH
   2.2.9
